GEM
  remote: https://rubygems.org/
  specs:
    erubi (1.12.0)
    language_server-protocol (3.17.0.3)
    netrc (0.11.0)
    parallel (1.23.0)
    prettier_print (1.2.1)
    prism (0.15.1)
    rbi (0.1.3)
      prism (>= 0.15.1, < 0.17)
      sorbet-runtime (>= 0.5.9204)
    ruby-lsp (0.12.0)
      language_server-protocol (~> 3.17.0)
      prism (>= 0.15.1, < 0.16)
      sorbet-runtime (>= 0.5.5685)
    sorbet (0.5.11139)
      sorbet-static (= 0.5.11139)
    sorbet-runtime (0.5.11139)
    sorbet-static (0.5.11139-universal-darwin)
    sorbet-static (0.5.11139-x86_64-linux)
    sorbet-static-and-runtime (0.5.11139)
      sorbet (= 0.5.11139)
      sorbet-runtime (= 0.5.11139)
    spoom (1.2.4)
      erubi (>= 1.10.0)
      sorbet-static-and-runtime (>= 0.5.10187)
      syntax_tree (>= 6.1.1)
      thor (>= 0.19.2)
    syntax_tree (6.2.0)
      prettier_print (>= 1.2.0)
    tapioca (0.11.10)
      bundler (>= 2.2.25)
      netrc (>= 0.11.0)
      parallel (>= 1.21.0)
      rbi (~> 0.1.0, >= 0.1.0)
      sorbet-static-and-runtime (>= 0.5.10187)
      spoom (~> 1.2.0, >= 1.2.0)
      thor (>= 1.2.0)
      yard-sorbet
    thor (1.3.0)
    yard (0.9.34)
    yard-sorbet (0.8.1)
      sorbet-runtime (>= 0.5)
      yard (>= 0.9)

PLATFORMS
  arm64-darwin-21
  x86_64-darwin-20
  x86_64-linux

DEPENDENCIES
  ruby-lsp
  tapioca

BUNDLED WITH
   2.4.22
